GEM
  remote: https://ruby.taobao.org/
  specs:
    ansi256 (0.2.5)
    daemons (1.1.9)
    elasticsearch (1.0.14)
      elasticsearch-api (= 1.0.14)
      elasticsearch-transport (= 1.0.14)
    elasticsearch-api (1.0.14)
      multi_json
    elasticsearch-transport (1.0.14)
      faraday
      multi_json
    eventmachine (1.0.8)
    faraday (0.9.2)
      multipart-post (>= 1.2, < 3)
    insensitive_hash (0.3.3)
    json (1.8.3)
    lps (0.2.1)
      option_initializer (~> 1.5.0)
    multi_json (1.11.2)
    multipart-post (2.0.0)
    option_initializer (1.5.1)
    parallelize (0.4.1)
    rack (1.6.4)
    rack-protection (1.5.3)
      rack
    redis (3.0.7)
    redis-stat (0.4.12)
      ansi256 (~> 0.2.5)
      daemons (~> 1.1.9)
      elasticsearch (~> 1.0.0)
      insensitive_hash (~> 0.3.0)
      json (~> 1.8.2)
      lps (~> 0.2.0)
      parallelize (~> 0.4.0)
      redis (~> 3.0.2)
      si (~> 0.1.4)
      sinatra (~> 1.3.3)
      tabularize (~> 0.2.9)
      thin (~> 1.5.0)
    si (0.1.4)
    sinatra (1.3.6)
      rack (~> 1.4)
      rack-protection (~> 1.3)
      tilt (~> 1.3, >= 1.3.3)
    tabularize (0.2.9)
      unicode-display_width (~> 0.1.1)
    thin (1.5.1)
      daemons (>= 1.0.9)
      eventmachine (>= 0.12.6)
      rack (>= 1.0.0)
    tilt (1.4.1)
    unicode-display_width (0.1.1)

PLATFORMS
  ruby

DEPENDENCIES
  redis-stat

BUNDLED WITH
   1.10.6
